GEM
  remote: https://rubygems.org/
  specs:
    ruby-dbus (0.13.0)

PLATFORMS
  ruby

DEPENDENCIES
  ruby-dbus

BUNDLED WITH
   1.15.1
